PATH
  remote: .
  specs:
    img_smpl (0.1.0)
      rmagick
      trollop

GEM
  remote: https://rubygems.org/
  specs:
    rake (13.0.1)
    rmagick (2.13.4)
    trollop (2.1.1)

PLATFORMS
  ruby

DEPENDENCIES
  bundler (~> 1.7)
  img_smpl!
  rake (~> 13.0)
